PATH
  remote: .
  specs:
    xooa-sdk (1.0.1)

GEM
  remote: https://rubygems.org/gems/xooa-sdk/
  specs:
    addressable (2.5.2)
      public_suffix (>= 2.0.2, < 4.0)
    crack (0.4.3)
      safe_yaml (~> 1.0.0)
    diff-lcs (1.3)
    ethon (0.11.0)
      ffi (>= 1.3.0)
    event_emitter (0.2.6)
    ffi (1.9.25)
    hashdiff (0.3.7)
    httparty (0.16.3)
      mime-types (~> 3.0)
      multi_xml (>= 0.5.2)
    json (2.1.0)
    mime-types (3.2.2)
      mime-types-data (~> 3.2015)
    mime-types-data (3.2018.0812)
    multi_xml (0.6.0)
    public_suffix (3.0.3)
    rake (10.5.0)
    rspec (3.8.0)
      rspec-core (~> 3.8.0)
      rspec-expectations (~> 3.8.0)
      rspec-mocks (~> 3.8.0)
    rspec-core (3.8.0)
      rspec-support (~> 3.8.0)
    rspec-expectations (3.8.2)
      diff-lcs (>= 1.2.0, < 2.0)
      rspec-support (~> 3.8.0)
    rspec-mocks (3.8.0)
      diff-lcs (>= 1.2.0, < 2.0)
      rspec-support (~> 3.8.0)
    rspec-support (3.8.0)
    safe_yaml (1.0.4)
    socket.io-client-simple (1.2.1)
      event_emitter
      httparty
      json
      websocket-client-simple (~> 0.3.0)
    typhoeus (1.3.1)
      ethon (>= 0.9.0)
    webmock (3.4.2)
      addressable (>= 2.3.6)
      crack (>= 0.3.2)
      hashdiff
    websocket (1.2.8)
    websocket-client-simple (0.3.0)
      event_emitter
      websocket

PLATFORMS
  ruby

DEPENDENCIES
  bundler (~> 1.17)
  json (~> 2.1)
  rake (~> 10.0)
  rspec (~> 3.8)
  socket.io-client-simple (~> 1.2, >= 1.2.1)
  typhoeus (= 1.3.1)
  webmock (~> 3.4, >= 3.4.2)
  xooa-sdk!

BUNDLED WITH
   1.17.1
